GEM
  remote: https://rubygems.org/
  specs:
    gruff (0.14.0)
      histogram
      rmagick
    histogram (0.2.4.1)
    rmagick (4.2.2)

PLATFORMS
  x86_64-linux

DEPENDENCIES
  gruff

BUNDLED WITH
   2.2.26
